{
  "Manufacturer": "Philips",
  "ManufacturersModelName": "Ingenia",
  "ProcedureStepDescription": "FIBROMIALGIA",
  "ProtocolName": "WIP_FM_RESTING_STATE_10m",
  "ImageType": [
    "ORIGINAL",
    "PRIMARY",
    "M",
    "FFE",
    "M",
    "FFE"
  ],
  "AcquisitionDateTime": "2019-09-20T10:40:35.601562",
  "MagneticFieldStrength": 3,
  "FlipAngle": 75,
  "EchoTime": 0.030001,
  "RepetitionTime": 2,
  "ConversionSoftware": "dcm2niix",
  "ConversionSoftwareVersion": "v1.0.20170130",
  "PhaseEncodingDirection": "j",
  "TotalReadoutTime": 0.04884,
  "IntendedFor": "func/sub-076_task-rest_bold.nii.gz"
}
