{
    "Modality": "MR",
    "MagneticFieldStrength": 3,
    "ImagingFrequency": 127.76,
    "Manufacturer": "Philips",
    "ManufacturersModelName": "Ingenia",
    "InstitutionName": "I.N._Psiquiatria",
    "InstitutionalDepartmentName": "Imagenes_Cerebrales",
    "InstitutionAddress": "Calzada_Mexico_Xochimilco_No.101_Tlalpan",
    "DeviceSerialNumber": "42451",
    "StationName": "PHILIPS-CTMFQSD",
    "BodyPartExamined": "BRAIN",
    "PatientPosition": "HFS",
    "ProcedureStepDescription": "FIBROMIALGIA",
    "SoftwareVersions": "5.3.1_5.3.1.0",
    "MRAcquisitionType": "3D",
    "SeriesDescription": "T1W",
    "ProtocolName": "WIP_T1W",
    "ScanningSequence": "GR",
    "SequenceVariant": "MP",
    "ScanOptions": "OTHER",
    "ImageType": [
        "ORIGINAL",
        "PRIMARY",
        "M",
        "FFE",
        "M",
        "FFE"
    ],
    "SeriesNumber": 401,
    "AcquisitionTime": "08:56:14.750000",
    "AcquisitionNumber": 4,
    "PhilipsRescaleSlope": 131.932,
    "PhilipsRescaleIntercept": 0,
    "PhilipsScaleSlope": 0.0060101,
    "UsePhilipsFloatNotDisplayScaling": 1,
    "SliceThickness": 1,
    "SpacingBetweenSlices": 1,
    "SAR": 0.0382114,
    "EchoTime": 0.0035,
    "RepetitionTime": 0.007,
    "FlipAngle": 8,
    "CoilString": "MULTI_COIL",
    "PercentPhaseFOV": 100,
    "EchoTrainLength": 240,
    "PhaseEncodingSteps": 240,
    "AcquisitionMatrixPE": 240,
    "ReconMatrixPE": 240,
    "PixelBandwidth": 310,
    "ImageOrientationPatientDICOM": [
        0,
        1,
        0,
        -0.00362181,
        0,
        -0.999993
    ],
    "InPlanePhaseEncodingDirectionDICOM": "ROW",
    "ConversionSoftware": "dcm2niix",
    "ConversionSoftwareVersion": "v1.0.20190410  (JP2:OpenJPEG) GCC6.3.0",
    "Dcm2bidsVersion": "2.1.4"
}