{
    "Modality": "MR",
    "MagneticFieldStrength": 3,
    "ImagingFrequency": 127.759,
    "Manufacturer": "Philips",
    "ManufacturersModelName": "Ingenia",
    "InstitutionName": "I.N._Psiquiatria",
    "InstitutionalDepartmentName": "Imagenes_Cerebrales",
    "InstitutionAddress": "Calzada_Mexico_Xochimilco_No.101_Tlalpan",
    "DeviceSerialNumber": "42451",
    "StationName": "PHILIPS-CTMFQSD",
    "BodyPartExamined": "BRAIN",
    "PatientPosition": "HFS",
    "ProcedureStepDescription": "PROTOCOLO_FIBROMIALGIA",
    "SoftwareVersions": "5.3.1_5.3.1.0",
    "MRAcquisitionType": "3D",
    "SeriesDescription": "T2W",
    "ProtocolName": "WIP_T2W",
    "ScanningSequence": "SE",
    "SequenceVariant": "SK",
    "ScanOptions": "FS",
    "ImageType": [
        "ORIGINAL",
        "PRIMARY",
        "M",
        "SE",
        "M",
        "SE"
    ],
    "SeriesNumber": 501,
    "AcquisitionTime": "10:34:2.730000",
    "AcquisitionNumber": 5,
    "PhilipsRescaleSlope": 1.35751,
    "PhilipsRescaleIntercept": 0,
    "PhilipsScaleSlope": 0.0037311,
    "UsePhilipsFloatNotDisplayScaling": 1,
    "SliceThickness": 1,
    "SpacingBetweenSlices": 1,
    "SAR": 0.030152,
    "EchoTime": 0.331,
    "RepetitionTime": 2.5,
    "FlipAngle": 90,
    "CoilString": "MULTI_COIL",
    "PercentPhaseFOV": 100,
    "EchoTrainLength": 117,
    "PhaseEncodingSteps": 240,
    "AcquisitionMatrixPE": 240,
    "ReconMatrixPE": 240,
    "PixelBandwidth": 413,
    "ImageOrientationPatientDICOM": [
        0,
        1,
        0,
        0.000628669,
        0,
        -1
    ],
    "InPlanePhaseEncodingDirectionDICOM": "ROW",
    "ConversionSoftware": "dcm2niix",
    "ConversionSoftwareVersion": "v1.0.20190410  (JP2:OpenJPEG) GCC6.3.0",
    "Dcm2bidsVersion": "2.1.4"
}