{
  "Modality": "MR",
  "MagneticFieldStrength": 3,
  "ImagingFrequency": 127.759,
  "Manufacturer": "Philips",
  "ManufacturersModelName": "Ingenia",
  "InstitutionName": "I.N._Psiquiatria",
  "InstitutionalDepartmentName": "Imagenes_Cerebrales",
  "InstitutionAddress": "Calzada_Mexico_Xochimilco_No.101_Tlalpan",
  "DeviceSerialNumber": "42451",
  "StationName": "PHILIPS-CTMFQSD",
  "BodyPartExamined": "BRAIN",
  "PatientPosition": "HFS",
  "ProcedureStepDescription": "PROTOCOLO_FIBLOMIALGIA",
  "SoftwareVersions": "5.3.1_5.3.1.0",
  "MRAcquisitionType": "2D",
  "SeriesDescription": "FM_RESTING_STATE_10m",
  "ProtocolName": "WIP_FM_RESTING_STATE_10m",
  "ScanningSequence": "GR",
  "SequenceVariant": "SK",
  "ScanOptions": "FS",
  "ImageType": [
    "ORIGINAL",
    "PRIMARY",
    "M",
    "FFE",
    "M",
    "FFE"
  ],
  "SeriesNumber": 201,
  "AcquisitionTime": "11:04:49.470000",
  "AcquisitionNumber": 2,
  "PhilipsRescaleSlope": 0.757021,
  "PhilipsRescaleIntercept": 0,
  "PhilipsScaleSlope": 0.0262174,
  "UsePhilipsFloatNotDisplayScaling": 1,
  "SliceThickness": 3,
  "SpacingBetweenSlices": 3,
  "SAR": 0.117654,
  "EchoTime": 0.030001,
  "RepetitionTime": 2,
  "FlipAngle": 75,
  "CoilString": "MULTI_COIL",
  "PartialFourier": 0.5,
  "PercentPhaseFOV": 100,
  "EchoTrainLength": 39,
  "PhaseEncodingSteps": 78,
  "AcquisitionMatrixPE": 78,
  "ReconMatrixPE": 80,
  "PixelBandwidth": 2071,
  "PhaseEncodingAxis": "j",
  "ImageOrientationPatientDICOM": [
    0.999993,
    0,
    -0.00362181,
    0,
    1,
    0
  ],
  "InPlanePhaseEncodingDirectionDICOM": "COL",
  "ConversionSoftware": "dcm2niix",
  "ConversionSoftwareVersion": "v1.0.20190410  (JP2:OpenJPEG) GCC6.3.0",
  "Dcm2bidsVersion": "2.1.4",
  "IntendedFor": "func/sub-025_task-rest_bold.nii.gz",
  "PhaseEncodingDirection": "j",
  "TotalReadoutTime": "0.04884"
}
