{
	"Manufacturer": "Philips",
	"ManufacturersModelName": "Ingenia",
	"ProcedureStepDescription": "FIBROMIALGIA",
	"ProtocolName": "WIP_RESTING_STATE_10m",
	"ImageType": ["ORIGINAL", "PRIMARY", "M", "FFE", "M", "FFE"],
	"AcquisitionDateTime": "2019-09-20T10:41:26.726562",
	"MagneticFieldStrength": 3,
	"FlipAngle": 75,
	"EchoTime": 0.030001,
	"RepetitionTime": 2,
	"ConversionSoftware": "dcm2niix",
	"ConversionSoftwareVersion": "v1.0.20170130",
	"TaskName": "rest",
	"SliceTiming": [0.000000, 1.027027, 0.054054, 1.081081, 0.108108, 1.13513, 0.162162, 1.189189, 0.216216, 1.243244, 0.270270, 1.297298, 0.324324, 1.351352, 0.378378, 1.405406, 0.432432, 1.459460, 0.486486, 1.513514, 0.540541, 1.567568, 0.594595, 1.621622, 0.648649, 1.675676, 0.702703, 1.729730, 0.756757, 1.783784, 0.810811, 1.837838, 0.864865, 1.891892, 0.918919, 1.945947, 0.972973]
}
