{
  "Modality": "MR",
  "MagneticFieldStrength": 3,
  "ImagingFrequency": 127.759,
  "Manufacturer": "Philips",
  "ManufacturersModelName": "Ingenia",
  "InstitutionName": "I.N._Psiquiatria",
  "InstitutionalDepartmentName": "Imagenes_Cerebrales",
  "InstitutionAddress": "Calzada_Mexico_Xochimilco_No.101_Tlalpan",
  "DeviceSerialNumber": "42451",
  "StationName": "PHILIPS-CTMFQSD",
  "BodyPartExamined": "BRAIN",
  "PatientPosition": "HFS",
  "ProcedureStepDescription": "PROTOCOLO_FIBROMIALGIA",
  "SoftwareVersions": "5.3.1_5.3.1.0",
  "MRAcquisitionType": "2D",
  "SeriesDescription": "TASK_FMRI",
  "ProtocolName": "WIP_TASK_FMRI",
  "ScanningSequence": "GR",
  "SequenceVariant": "SK",
  "ScanOptions": "FS",
  "ImageType": [
    "ORIGINAL",
    "PRIMARY",
    "M",
    "FFE",
    "M",
    "FFE"
  ],
  "SeriesNumber": 701,
  "AcquisitionTime": "10:06:37.490000",
  "AcquisitionNumber": 7,
  "PhilipsRescaleSlope": 0.740659,
  "PhilipsRescaleIntercept": 0,
  "PhilipsScaleSlope": 0.0213735,
  "UsePhilipsFloatNotDisplayScaling": 1,
  "SliceThickness": 3,
  "SpacingBetweenSlices": 3,
  "SAR": 0.117749,
  "EchoTime": 0.030001,
  "RepetitionTime": 2,
  "FlipAngle": 75,
  "CoilString": "MULTI_COIL",
  "PartialFourier": 0.5,
  "PercentPhaseFOV": 100,
  "EchoTrainLength": 39,
  "PhaseEncodingSteps": 78,
  "AcquisitionMatrixPE": 78,
  "ReconMatrixPE": 80,
  "PixelBandwidth": 2071,
  "PhaseEncodingAxis": "j",
  "ImageOrientationPatientDICOM": [
    0.999993,
    8.48247e-07,
    -0.00362181,
    1.69407e-21,
    1,
    0.000234205
  ],
  "InPlanePhaseEncodingDirectionDICOM": "COL",
  "ConversionSoftware": "dcm2niix",
  "ConversionSoftwareVersion": "v1.0.20190410  (JP2:OpenJPEG) GCC6.3.0",
  "Dcm2bidsVersion": "2.1.4",
  "TaskName": "epr",
  "SliceTiming": [
    0,
    1.027027,
    0.054054,
    1.081081,
    0.108108,
    1.13513,
    0.162162,
    1.189189,
    0.216216,
    1.243244,
    0.27027,
    1.297298,
    0.324324,
    1.351352,
    0.378378,
    1.405406,
    0.432432,
    1.45946,
    0.486486,
    1.513514,
    0.540541,
    1.567568,
    0.594595,
    1.621622,
    0.648649,
    1.675676,
    0.702703,
    1.72973,
    0.756757,
    1.783784,
    0.810811,
    1.837838,
    0.864865,
    1.891892,
    0.918919,
    1.945947,
    0.972973
  ]
}
