{
  "Manufacturer": "Philips",
  "ManufacturersModelName": "Ingenia",
  "ProcedureStepDescription": "FIBROMIALGIA",
  "ProtocolName": "WIP_FM_TASK_FMRI",
  "ImageType": [
    "ORIGINAL",
    "PRIMARY",
    "M",
    "FFE",
    "M",
    "FFE"
  ],
  "AcquisitionDateTime": "2019-08-02T13:27:43.515625",
  "MagneticFieldStrength": 3,
  "FlipAngle": 75,
  "EchoTime": 0.030001,
  "RepetitionTime": 2,
  "ConversionSoftware": "dcm2niix",
  "ConversionSoftwareVersion": "v1.0.20170130",
  "PhaseEncodingDirection": "j",
  "TotalReadoutTime": 0.04884,
  "IntendedFor": "func/sub-072_task-epr_bold.nii.gz"
}
